GEM
  remote: https://rubygems.org/
  specs:
    actionview (5.2.2)
      activesupport (= 5.2.2)
      builder (~> 3.1)
      erubi (~> 1.4)
      rails-dom-testing (~> 2.0)
      rails-html-sanitizer (~> 1.0, >= 1.0.3)
    activemodel (5.2.2)
      activesupport (= 5.2.2)
    activerecord (5.2.2)
      activemodel (= 5.2.2)
      activesupport (= 5.2.2)
      arel (>= 9.0)
    activesupport (5.2.2)
      concurrent-ruby (~> 1.0, >= 1.0.2)
      i18n (>= 0.7, < 2)
      minitest (~> 5.1)
      tzinfo (~> 1.1)
    addressable (2.5.2)
      public_suffix (>= 2.0.2, < 4.0)
    archive-zip (0.11.0)
      io-like (~> 0.3.0)
    arel (9.0.0)
    builder (3.2.3)
    capybara (3.12.0)
      addressable
      mini_mime (>= 0.1.3)
      nokogiri (~> 1.8)
      rack (>= 1.6.0)
      rack-test (>= 0.6.3)
      regexp_parser (~> 1.2)
      xpath (~> 3.2)
    carrierwave (1.2.3)
      activemodel (>= 4.0.0)
      activesupport (>= 4.0.0)
      mime-types (>= 1.16)
    cliver (0.3.2)
    coffee-script (2.4.1)
      coffee-script-source
      execjs
    coffee-script-source (1.12.2)
    concurrent-ruby (1.1.4)
    crass (1.0.4)
    declarative (0.0.10)
    declarative-option (0.1.0)
    epub-cfi (0.1.1)
    epub-parser (0.3.9)
      addressable (>= 2.3.5)
      archive-zip
      epub-cfi
      rchardet (>= 1.6.1)
    erubi (1.8.0)
    erubis (2.7.0)
    excon (0.62.0)
    execjs (2.7.0)
    faraday (0.15.4)
      multipart-post (>= 1.2, < 3)
    ffi (1.9.25)
    fog-core (2.1.0)
      builder
      excon (~> 0.58)
      formatador (~> 0.2)
      mime-types
    fog-google (1.8.1)
      fog-core (<= 2.1.0)
      fog-json (~> 1.2.0)
      fog-xml (~> 0.1.0)
      google-api-client (~> 0.23.0)
    fog-json (1.2.0)
      fog-core
      multi_json (~> 1.10)
    fog-xml (0.1.3)
      fog-core
      nokogiri (>= 1.5.11, < 2.0.0)
    formatador (0.2.5)
    google-api-client (0.23.9)
      addressable (~> 2.5, >= 2.5.1)
      googleauth (>= 0.5, < 0.7.0)
      httpclient (>= 2.8.1, < 3.0)
      mime-types (~> 3.0)
      representable (~> 3.0)
      retriable (>= 2.0, < 4.0)
      signet (~> 0.9)
    googleauth (0.6.7)
      faraday (~> 0.12)
      jwt (>= 1.4, < 3.0)
      memoist (~> 0.16)
      multi_json (~> 1.11)
      os (>= 0.9, < 2.0)
      signet (~> 0.7)
    hashie (3.6.0)
    http_accept_language (2.1.1)
    httpclient (2.8.3)
    i18n (0.9.5)
      concurrent-ruby (~> 1.0)
    io-like (0.3.0)
    json (2.1.0)
    jwt (2.1.0)
    kaminari-activerecord (1.1.1)
      activerecord
      kaminari-core (= 1.1.1)
    kaminari-core (1.1.1)
    kaminari-sinatra (1.0.1)
      actionview
      kaminari-core (~> 1.0)
      padrino-helpers
      sinatra
    loofah (2.2.3)
      crass (~> 1.0.2)
      nokogiri (>= 1.5.9)
    mail (2.7.1)
      mini_mime (>= 0.1.1)
    memoist (0.16.0)
    mime-types (3.2.2)
      mime-types-data (~> 3.2015)
    mime-types-data (3.2018.0812)
    mini_mime (1.0.1)
    mini_portile2 (2.4.0)
    minitest (5.11.3)
    moneta (1.0.0)
    money (6.13.1)
      i18n (>= 0.6.4, <= 2)
    multi_json (1.13.1)
    multi_xml (0.6.0)
    multipart-post (2.0.0)
    mustermann (1.0.3)
    nokogiri (1.9.1)
      mini_portile2 (~> 2.4.0)
    oauth (0.5.4)
    oauth2 (1.4.1)
      faraday (>= 0.8, < 0.16.0)
      jwt (>= 1.0, < 3.0)
      multi_json (~> 1.3)
      multi_xml (~> 0.5)
      rack (>= 1.2, < 3)
    omniauth (1.9.0)
      hashie (>= 3.4.6, < 3.7.0)
      rack (>= 1.6.2, < 3)
    omniauth-facebook (5.0.0)
      omniauth-oauth2 (~> 1.2)
    omniauth-google-oauth2 (0.5.4)
      jwt (>= 1.5)
      omniauth (>= 1.1.1)
      omniauth-oauth2 (>= 1.5)
    omniauth-oauth (1.1.0)
      oauth
      omniauth (~> 1.0)
    omniauth-oauth2 (1.6.0)
      oauth2 (~> 1.1)
      omniauth (~> 1.9)
    omniauth-twitter (1.4.0)
      omniauth-oauth (~> 1.1)
      rack
    os (1.0.0)
    padrino (0.14.4)
      padrino-admin (= 0.14.4)
      padrino-cache (= 0.14.4)
      padrino-core (= 0.14.4)
      padrino-gen (= 0.14.4)
      padrino-helpers (= 0.14.4)
      padrino-mailer (= 0.14.4)
      padrino-support (= 0.14.4)
    padrino-admin (0.14.4)
      padrino-core (= 0.14.4)
      padrino-helpers (= 0.14.4)
    padrino-cache (0.14.4)
      moneta (~> 1.0.0)
      padrino-core (= 0.14.4)
      padrino-helpers (= 0.14.4)
    padrino-core (0.14.4)
      padrino-support (= 0.14.4)
      sinatra (>= 2.0.0)
      thor (~> 0.18)
    padrino-gen (0.14.4)
      bundler (~> 1.0)
      padrino-core (= 0.14.4)
    padrino-helpers (0.14.4)
      i18n (~> 0.6, >= 0.6.7)
      padrino-support (= 0.14.4)
      tilt (>= 1.4.1, < 3)
    padrino-mailer (0.14.4)
      mail (~> 2.5)
      mime-types (< 4)
      padrino-core (= 0.14.4)
    padrino-support (0.14.4)
    pg (0.21.0)
    poltergeist (1.18.1)
      capybara (>= 2.1, < 4)
      cliver (~> 0.3.1)
      websocket-driver (>= 0.2.0)
    power_assert (1.1.3)
    public_suffix (3.0.3)
    puma (3.12.0)
    rack (2.0.6)
    rack-protection (2.0.5)
      rack
    rack-ssl-enforcer (0.2.9)
    rack-test (1.1.0)
      rack (>= 1.0, < 3)
    rails-dom-testing (2.0.3)
      activesupport (>= 4.2.0)
      nokogiri (>= 1.6)
    rails-html-sanitizer (1.0.4)
      loofah (~> 2.2, >= 2.2.2)
    rake (12.3.2)
    rb-fsevent (0.10.3)
    rb-inotify (0.10.0)
      ffi (~> 1.0)
    rchardet (1.8.0)
    regexp_parser (1.3.0)
    representable (3.0.4)
      declarative (< 0.1.0)
      declarative-option (< 0.2.0)
      uber (< 0.2.0)
    retriable (3.1.2)
    rr (1.2.1)
    rss-atom-feed_history (0.0.4)
    rss-dcterms (0.0.5)
    rss-opds (0.0.2)
      money
      rss-atom-feed_history
      rss-dcterms
    sass (3.7.2)
      sass-listen (~> 4.0.0)
    sass-listen (4.0.0)
      rb-fsevent (~> 0.9, >= 0.9.4)
      rb-inotify (~> 0.9, >= 0.9.7)
    shoulda (3.6.0)
      shoulda-context (~> 1.0, >= 1.0.1)
      shoulda-matchers (~> 3.0)
    shoulda-context (1.2.2)
    shoulda-matchers (3.1.2)
      activesupport (>= 4.0.0)
    signet (0.11.0)
      addressable (~> 2.3)
      faraday (~> 0.9)
      jwt (>= 1.5, < 3.0)
      multi_json (~> 1.10)
    sinatra (2.0.5)
      mustermann (~> 1.0)
      rack (~> 2.0)
      rack-protection (= 2.0.5)
      tilt (~> 2.0)
    sprockets (3.7.2)
      concurrent-ruby (~> 1.0)
      rack (> 1, < 3)
    test-unit (3.2.9)
      power_assert
    test-unit-capybara (1.0.7)
      capybara (>= 2.1.0)
      json
      test-unit (>= 2.5.3)
    test-unit-notify (1.0.4)
      test-unit (>= 2.4.9)
    test-unit-rr (1.0.5)
      rr (>= 1.1.1)
      test-unit (>= 2.5.2)
    thor (0.20.3)
    thread_safe (0.3.6)
    tilt (2.0.9)
    tzinfo (1.2.5)
      thread_safe (~> 0.1)
    uber (0.1.0)
    websocket-driver (0.7.0)
      websocket-extensions (>= 0.1.0)
    websocket-extensions (0.1.3)
    xpath (3.2.0)
      nokogiri (~> 1.8)
    zipruby (0.3.6)

PLATFORMS
  ruby
  x86_64-darwin-16
  x86_64-darwin-18

DEPENDENCIES
  activerecord (>= 5.0.0)
  carrierwave
  coffee-script
  epub-parser
  erubis (~> 2.7.0)
  fog-google
  google-api-client (~> 0.23.0)
  http_accept_language
  kaminari-activerecord
  kaminari-sinatra
  omniauth
  omniauth-facebook
  omniauth-google-oauth2
  omniauth-twitter
  padrino (~> 0.14)
  pg (< 1)
  poltergeist
  puma
  rack-ssl-enforcer
  rack-test
  rake
  rss-opds
  sass
  shoulda
  sprockets
  test-unit
  test-unit-capybara
  test-unit-notify
  test-unit-rr
  zipruby

BUNDLED WITH
   1.17.2
