GEM
  remote: https://rubygems.org/
  specs:
    actionpack (4.2.7.1)
      actionview (= 4.2.7.1)
      activesupport (= 4.2.7.1)
      rack (~> 1.6)
      rack-test (~> 0.6.2)
      rails-dom-testing (~> 1.0, >= 1.0.5)
      rails-html-sanitizer (~> 1.0, >= 1.0.2)
    actionview (4.2.7.1)
      activesupport (= 4.2.7.1)
      builder (~> 3.1)
      erubis (~> 2.7.0)
      rails-dom-testing (~> 1.0, >= 1.0.5)
      rails-html-sanitizer (~> 1.0, >= 1.0.2)
    activemodel (4.2.7.1)
      activesupport (= 4.2.7.1)
      builder (~> 3.1)
    activerecord (4.2.7.1)
      activemodel (= 4.2.7.1)
      activesupport (= 4.2.7.1)
      arel (~> 6.0)
    activesupport (4.2.7.1)
      i18n (~> 0.7)
      json (~> 1.7, >= 1.7.7)
      minitest (~> 5.1)
      thread_safe (~> 0.3, >= 0.3.4)
      tzinfo (~> 1.1)
    addressable (2.5.0)
      public_suffix (~> 2.0, >= 2.0.2)
    archive-zip (0.9.0)
      io-like (~> 0.3.0)
    arel (6.0.4)
    builder (3.2.3)
    capybara (2.11.0)
      addressable
      mime-types (>= 1.16)
      nokogiri (>= 1.3.3)
      rack (>= 1.0.0)
      rack-test (>= 0.5.4)
      xpath (~> 2.0)
    carrierwave (1.0.0)
      activemodel (>= 4.0.0)
      activesupport (>= 4.0.0)
      mime-types (>= 1.16)
    cliver (0.3.2)
    coffee-script (2.4.1)
      coffee-script-source
      execjs
    coffee-script-source (1.12.2)
    commonjs (0.2.7)
    concurrent-ruby (1.0.4)
    dotenv (2.1.2)
    enumerable-lazy (0.0.2)
    epub-parser (0.2.7)
      addressable (>= 2.3.5)
      archive-zip
      nokogiri (~> 1.6)
      rchardet (>= 1.6.1)
    erubis (2.7.0)
    execjs (2.7.0)
    faraday (0.10.1)
      multipart-post (>= 1.2, < 3)
    hashie (3.4.6)
    hike (1.2.3)
    http_accept_language (2.1.0)
    i18n (0.7.0)
    io-like (0.3.0)
    json (1.8.6)
    jwt (1.5.6)
    kaminari (0.16.3)
      actionpack (>= 3.0.0)
      activesupport (>= 3.0.0)
    less (2.6.0)
      commonjs (~> 0.2.7)
    libv8 (3.16.14.17)
    loofah (2.0.3)
      nokogiri (>= 1.5.9)
    mail (2.6.4)
      mime-types (>= 1.16, < 4)
    mime-types (2.99.3)
    mina (1.0.6)
      open4 (~> 1.3.4)
      rake
    mini_portile2 (2.1.0)
    minitest (5.10.1)
    moneta (0.8.1)
    money (6.8.1)
      i18n (>= 0.6.4, <= 0.7.0)
      sixarm_ruby_unaccent (>= 1.1.1, < 2)
    multi_json (1.12.1)
    multi_xml (0.6.0)
    multipart-post (2.0.0)
    mustermann19 (0.4.4)
      enumerable-lazy
    newrelic_rpm (3.17.2.327)
    nokogiri (1.7.0.1)
      mini_portile2 (~> 2.1.0)
    oauth (0.5.1)
    oauth2 (1.3.0)
      faraday (>= 0.8, < 0.11)
      jwt (~> 1.0)
      multi_json (~> 1.3)
      multi_xml (~> 0.5)
      rack (>= 1.2, < 3)
    omniauth (1.3.1)
      hashie (>= 1.2, < 4)
      rack (>= 1.0, < 3)
    omniauth-facebook (4.0.0)
      omniauth-oauth2 (~> 1.2)
    omniauth-google-oauth2 (0.4.1)
      jwt (~> 1.5.2)
      multi_json (~> 1.3)
      omniauth (>= 1.1.1)
      omniauth-oauth2 (>= 1.3.1)
    omniauth-oauth (1.1.0)
      oauth
      omniauth (~> 1.0)
    omniauth-oauth2 (1.4.0)
      oauth2 (~> 1.0)
      omniauth (~> 1.2)
    omniauth-twitter (1.3.0)
      omniauth-oauth (~> 1.1)
      rack
    open4 (1.3.4)
    padrino (0.13.3.3)
      padrino-admin (= 0.13.3.3)
      padrino-cache (= 0.13.3.3)
      padrino-core (= 0.13.3.3)
      padrino-gen (= 0.13.3.3)
      padrino-helpers (= 0.13.3.3)
      padrino-mailer (= 0.13.3.3)
      padrino-support (= 0.13.3.3)
    padrino-admin (0.13.3.3)
      padrino-core (= 0.13.3.3)
      padrino-helpers (= 0.13.3.3)
    padrino-cache (0.13.3.3)
      moneta (~> 0.8.0)
      padrino-core (= 0.13.3.3)
      padrino-helpers (= 0.13.3.3)
    padrino-core (0.13.3.3)
      activesupport (>= 3.1)
      mustermann19
      padrino-support (= 0.13.3.3)
      rack-protection (>= 1.5.0)
      sinatra (>= 1.4.6)
      thor (~> 0.18)
    padrino-gen (0.13.3.3)
      bundler (~> 1.0)
      padrino-core (= 0.13.3.3)
    padrino-helpers (0.13.3.3)
      i18n (~> 0.6, >= 0.6.7)
      padrino-support (= 0.13.3.3)
      tilt (>= 1.4.1, < 3)
    padrino-mailer (0.13.3.3)
      mail (~> 2.5)
      mime-types (< 3)
      padrino-core (= 0.13.3.3)
    padrino-support (0.13.3.3)
      activesupport (>= 3.1)
    pg (0.19.0)
    poltergeist (1.12.0)
      capybara (~> 2.1)
      cliver (~> 0.3.1)
      websocket-driver (>= 0.2.0)
    power_assert (0.4.1)
    public_suffix (2.0.5)
    puma (3.6.2)
    rack (1.6.5)
    rack-archive-zip-extract (0.0.9)
      rack (>= 1.6.1)
      zipruby (~> 0.3)
    rack-less (3.0.2)
      less (~> 2.0)
      rack (~> 1.0)
    rack-protection (1.5.3)
      rack
    rack-test (0.6.3)
      rack (>= 1.0)
    rails-deprecated_sanitizer (1.0.3)
      activesupport (>= 4.2.0.alpha)
    rails-dom-testing (1.0.8)
      activesupport (>= 4.2.0.beta, < 5.0)
      nokogiri (~> 1.6)
      rails-deprecated_sanitizer (>= 1.0.1)
    rails-html-sanitizer (1.0.3)
      loofah (~> 2.0)
    rake (12.0.0)
    rchardet (1.6.1)
    ref (2.0.0)
    rr (1.2.0)
    rss-atom-feed_history (0.0.4)
    rss-dcterms (0.0.5)
    rss-opds (0.0.2)
      money
      rss-atom-feed_history
      rss-dcterms
    shoulda (3.5.0)
      shoulda-context (~> 1.0, >= 1.0.1)
      shoulda-matchers (>= 1.4.1, < 3.0)
    shoulda-context (1.2.2)
    shoulda-matchers (2.8.0)
      activesupport (>= 3.0.0)
    sinatra (1.4.7)
      rack (~> 1.5)
      rack-protection (~> 1.4)
      tilt (>= 1.3, < 3)
    sixarm_ruby_unaccent (1.1.1)
    sprockets (2.12.4)
      hike (~> 1.2)
      multi_json (~> 1.0)
      rack (~> 1.0)
      tilt (~> 1.1, != 1.3.0)
    test-unit (3.2.3)
      power_assert
    test-unit-capybara (1.0.5)
      capybara (>= 2.1.0)
      json
      test-unit (>= 2.5.3)
    test-unit-notify (1.0.4)
      test-unit (>= 2.4.9)
    test-unit-rr (1.0.5)
      rr (>= 1.1.1)
      test-unit (>= 2.5.2)
    therubyracer (0.12.3)
      libv8 (~> 3.16.14.15)
      ref
    thor (0.19.4)
    thread_safe (0.3.5)
    tilt (1.4.1)
    tzinfo (1.2.2)
      thread_safe (~> 0.1)
    websocket-driver (0.6.4)
      websocket-extensions (>= 0.1.0)
    websocket-extensions (0.1.2)
    xpath (2.0.0)
      nokogiri (~> 1.3)
    zipruby (0.3.6)

PLATFORMS
  ruby

DEPENDENCIES
  activerecord (>= 3.0.0)
  carrierwave
  coffee-script
  dotenv
  epub-parser
  erubis (~> 2.7.0)
  http_accept_language
  kaminari (~> 0.16.0)
  less
  mina
  newrelic_rpm
  omniauth
  omniauth-facebook
  omniauth-google-oauth2
  omniauth-twitter
  padrino (~> 0.13)
  pg
  poltergeist
  puma
  rack-archive-zip-extract
  rack-less
  rack-test
  rake
  rss-opds
  shoulda
  sprockets (~> 2)
  test-unit
  test-unit-capybara
  test-unit-notify
  test-unit-rr
  therubyracer

BUNDLED WITH
   1.13.6
